GEM
  remote: https://rubygems.org/
  specs:
    addressable (2.8.5)
      public_suffix (>= 2.0.2, < 6.0)
    domain_name (0.6.20231109)
    http (3.3.0)
      addressable (~> 2.3)
      http-cookie (~> 1.0)
      http-form_data (~> 2.0)
      http_parser.rb (~> 0.6.0)
    http-cookie (1.0.5)
      domain_name (~> 0.5)
    http-form_data (2.3.0)
    http_parser.rb (0.6.0)
    os (1.1.4)
    public_suffix (5.0.4)

PLATFORMS
  x64-mingw-ucrt

DEPENDENCIES
  http (~> 3.3)
  os

BUNDLED WITH
   2.4.22
